GEM
  remote: http://localhost:9292/
  specs:
    amq-protocol (2.0.1)
    bunny (2.6.1)
      amq-protocol (>= 2.0.1)
    daemons (1.2.4)
    faraday (0.10.0)
      multipart-post (>= 1.2, < 3)
    faraday-http-cache (1.3.1)
      faraday (~> 0.8)
    mono_logger (1.1.0)
    multi_json (1.12.1)
    multipart-post (2.0.0)
    pdg_data_events (1.0.0)
      ruby-protocol-buffers (~> 1.6, >= 1.6.1)
    pdg_data_receiver (1.0.1)
      bunny (~> 2.5)
      daemons (~> 1.2)
      faraday-http-cache (~> 1.2)
      resque (~> 1.26)
    pubbit (1.0.2)
      faraday-http-cache (~> 1.2)
    rack (1.6.4)
    rack-protection (1.5.3)
      rack
    redis (3.3.2)
    redis-namespace (1.5.2)
      redis (~> 3.0, >= 3.0.4)
    resque (1.26.0)
      mono_logger (~> 1.0)
      multi_json (~> 1.0)
      redis-namespace (~> 1.3)
      sinatra (>= 0.9.2)
      vegas (~> 0.1.2)
    ruby-protocol-buffers (1.6.1)
    sinatra (1.4.7)
      rack (~> 1.5)
      rack-protection (~> 1.4)
      tilt (>= 1.3, < 3)
    tilt (2.0.5)
    vegas (0.1.11)
      rack (>= 1.0.0)

PLATFORMS
  ruby

DEPENDENCIES
  pdg_data_events!
  pdg_data_receiver!
  pubbit!

BUNDLED WITH
   1.13.6
